GEM
  remote: https://rubygems.org/
  specs:
    colorize (0.8.1)
    fileutils (1.4.1)

PLATFORMS
  ruby

DEPENDENCIES
  colorize
  fileutils

BUNDLED WITH
   1.16.1
